GEM
  remote: https://rubygems.org/
  specs:
    gitignore-parser (0.1.5)

PLATFORMS
  x86_64-darwin-20

DEPENDENCIES
  gitignore-parser (~> 0.1.5)

BUNDLED WITH
   2.3.7
